PATH
  remote: .
  specs:
    ralf (1.1.1)
      chronic (~> 0.9.0)
      logmerge (~> 1.0.3)
      right_aws (~> 3.0.4)

GEM
  remote: http://rubygems.org/
  specs:
    ZenTest (4.8.4)
    autotest (4.4.6)
      ZenTest (>= 4.4.1)
    chronic (0.9.0)
    diff-lcs (1.1.3)
    fakeweb (1.3.0)
    logmerge (1.0.3)
    right_aws (3.0.4)
      right_http_connection (>= 1.2.5)
    right_http_connection (1.3.0)
    rspec (2.12.0)
      rspec-core (~> 2.12.0)
      rspec-expectations (~> 2.12.0)
      rspec-mocks (~> 2.12.0)
    rspec-core (2.12.2)
    rspec-expectations (2.12.1)
      diff-lcs (~> 1.1.3)
    rspec-mocks (2.12.2)

PLATFORMS
  ruby

DEPENDENCIES
  autotest (~> 4.4.6)
  fakeweb (~> 1.3.0)
  ralf!
  rspec
